GEM
  remote: http://rubygems.org/
  specs:
    coderay (1.0.8)
    cuba (3.1.0)
      rack
    cuba-contrib (3.1.0)
      cuba (~> 3.1)
    i18n (0.6.4)
    method_source (0.8.1)
    money (5.1.1)
      i18n (~> 0.6.0)
    mote (1.1.2)
    nest (1.1.2)
      redis
    ohm (1.3.2)
      nest (~> 1.0)
      redis
      scrivener (~> 0.0.3)
    ohm-contrib (1.2)
      ohm (~> 1.2)
    pbkdf2 (0.1.0)
    pry (0.9.10)
      coderay (~> 1.0.5)
      method_source (~> 0.8)
      slop (~> 3.3.1)
    puma (2.0.1)
      rack (>= 1.1, < 2.0)
    rack (1.5.2)
    rack-protection (1.5.0)
      rack
    redis (3.0.4)
    scrivener (0.0.3)
    shield (1.0.0)
      pbkdf2
    shotgun (0.9)
      rack (>= 1.0)
    slop (3.3.3)

PLATFORMS
  ruby

DEPENDENCIES
  cuba
  cuba-contrib
  money
  mote
  ohm
  ohm-contrib
  pry
  puma
  rack-protection
  shield
  shotgun
